GEM
  remote: https://rubygems.org/
  specs:
    daemons (1.2.4)
    eventmachine (1.2.5)
    httparty (0.15.6)
      multi_xml (>= 0.5.2)
    multi_xml (0.6.0)
    rack (1.6.8)
    rack-protection (1.5.3)
      rack
    sinatra (1.4.8)
      rack (~> 1.5)
      rack-protection (~> 1.4)
      tilt (>= 1.3, < 3)
    thin (1.7.2)
      daemons (~> 1.0, >= 1.0.9)
      eventmachine (~> 1.0, >= 1.0.4)
      rack (>= 1, < 3)
    tilt (2.0.8)
    yajl-ruby (1.3.0)

PLATFORMS
  ruby

DEPENDENCIES
  httparty
  sinatra
  thin
  yajl-ruby

RUBY VERSION
   ruby 2.2.0p0

BUNDLED WITH
   1.15.4
